PATH
  remote: .
  specs:
    chronofage (0.0.10)

GEM
  remote: https://rubygems.org/
  specs:

PLATFORMS
  ruby

DEPENDENCIES
  chronofage!

BUNDLED WITH
   1.15.1
